GEM
  remote: https://rubygems.org/
  specs:
    dogapi (1.29.0)
      multi_json
    multi_json (1.13.1)
    pp (0.1.1)

PLATFORMS
  ruby

DEPENDENCIES
  dogapi
  pp

BUNDLED WITH
   1.16.0
